RESTRICTION: == net50
NUGET
  remote: https://www.nuget.org/api/v2
    DotLiquid (2.0.366)
    FSharp.Core (5.0)
    FSharp.Data (3.3.3)
      FSharp.Core (>= 4.3.4)
    Suave (2.6)
      FSharp.Core
    Suave.DotLiquid (2.6)
      DotLiquid
      FSharp.Core
      Suave (>= 2.6 < 3.0)
