RESTRICTION: == net50
NUGET
  remote: https://www.nuget.org/api/v2
    DotLiquid (2.1.436)
    FSharp.Core (5.0.1)
    FSharp.Data (4.1)
      FSharp.Core (>= 4.7.2)
      Microsoft.SourceLink.GitHub (>= 1.0)
    Microsoft.Build.Tasks.Git (1.0)
    Microsoft.SourceLink.Common (1.0)
    Microsoft.SourceLink.GitHub (1.0)
      Microsoft.Build.Tasks.Git (>= 1.0)
      Microsoft.SourceLink.Common (>= 1.0)
    Suave (2.6)
      FSharp.Core
    Suave.DotLiquid (2.6)
      DotLiquid
      FSharp.Core
      Suave (>= 2.6 < 3.0)
