RESTRICTION: == net50
NUGET
  remote: https://www.nuget.org/api/v2
    DotLiquid (2.2.508)
    FSharp.Core (5.0.2)
    FSharp.Data (4.2)
      FSharp.Core (>= 4.7.2)
    Suave (2.6.1)
      FSharp.Core
    Suave.DotLiquid (2.6.1)
      DotLiquid
      FSharp.Core
      Suave (>= 2.6 < 3.0)
