RESTRICTION: == netcoreapp2.2
NUGET
  remote: https://www.nuget.org/api/v2
    DotLiquid (2.0.314)
    FSharp.Core (4.7)
    FSharp.Data (3.1.1)
      FSharp.Core (>= 4.3.4)
    Suave (2.5.5)
      FSharp.Core (>= 4.3.4 < 5.0)
    Suave.DotLiquid (2.5.5)
      DotLiquid
      FSharp.Core (>= 4.3.4 < 5.0)
      Suave (>= 2.0 < 3.0)
